GEM
  remote: https://rubygems.org/
  specs:
    activesupport (2.3.4)
    coderay (1.1.1)
    method_source (0.8.2)
    mini_portile2 (2.1.0)
    multi_json (1.12.1)
    nokogiri (1.6.8)
      mini_portile2 (~> 2.1.0)
      pkg-config (~> 1.1.7)
    picky (4.31.3)
      activesupport
      multi_json (~> 1.3)
      rack_fast_escape (~> 2009.0)
    pkg-config (1.1.7)
    pry (0.10.4)
      coderay (~> 1.1.0)
      method_source (~> 0.8.1)
      slop (~> 3.4)
    rack_fast_escape (2009.06.24)
      url_escape
    slop (3.6.0)
    tf-idf-similarity (0.1.5)
      unicode_utils (~> 1.4)
    unicode_utils (1.4.0)
    url_escape (2009.06.24)

PLATFORMS
  ruby

DEPENDENCIES
  activesupport (= 2.3.4)
  nokogiri
  picky
  pry
  tf-idf-similarity

RUBY VERSION
   ruby 2.1.5p273

BUNDLED WITH
   1.12.5
